GEM
  remote: http://rubygems.org/
  specs:
    rake (12.3.3)
    rb-fsevent (0.9.3)
    sass (3.2.9)

PLATFORMS
  ruby

DEPENDENCIES
  rake
  rb-fsevent
  sass (~> 3.2)
